PATH
  remote: .
  specs:
    credit_card_sanitizer (0.6.1)
      luhn_checksum (~> 0.1)
      tracking_number (~> 0.10.2)

GEM
  remote: https://rubygems.org/
  specs:
    bump (0.5.0)
    byebug (9.0.6)
    luhn_checksum (0.1.1)
    luhnacy (0.2.1)
    minitest (5.2.0)
    minitest-rg (5.1.0)
      minitest (~> 5.0)
    rake (10.3.1)
    scrub_rb (1.0.1)
    single_cov (0.5.9)
    tracking_number (0.10.2)

PLATFORMS
  ruby

DEPENDENCIES
  bump
  bundler
  byebug
  credit_card_sanitizer!
  luhnacy
  minitest
  minitest-rg
  rake
  scrub_rb
  single_cov

BUNDLED WITH
   1.14.3
