PATH
  remote: .
  specs:
    credit_card_sanitizer (0.7.0)
      luhn_checksum (~> 0.1)
      tracking_number (~> 0.10.3)

GEM
  remote: https://rubygems.org/
  specs:
    ast (2.4.2)
    bump (0.5.4)
    byebug (9.0.6)
    io-console (0.5.6)
    irb (1.2.6)
      reline (>= 0.1.5)
    json (2.6.3)
    language_server-protocol (3.17.0.3)
    luhn_checksum (0.1.2)
    luhnacy (0.2.1)
    maxitest (2.4.0)
      minitest (>= 5.0.0, < 5.11.0)
    minitest (5.10.2)
    parallel (1.22.1)
    parser (3.2.2.0)
      ast (~> 2.4.1)
    rainbow (3.1.1)
    rake (12.0.0)
    regexp_parser (2.8.0)
    reline (0.1.5)
      io-console (~> 0.5)
    rexml (3.2.5)
    rubocop (1.48.1)
      json (~> 2.3)
      parallel (~> 1.10)
      parser (>= 3.2.0.0)
      rainbow (>= 2.2.2, < 4.0)
      regexp_parser (>= 1.8, < 3.0)
      rexml (>= 3.2.5, < 4.0)
      rubocop-ast (>= 1.26.0, < 2.0)
      ruby-progressbar (~> 1.7)
      unicode-display_width (>= 2.4.0, < 3.0)
    rubocop-ast (1.28.0)
      parser (>= 3.2.1.0)
    rubocop-performance (1.16.0)
      rubocop (>= 1.7.0, < 2.0)
      rubocop-ast (>= 0.4.0)
    ruby-progressbar (1.13.0)
    scrub_rb (1.0.1)
    single_cov (0.6.1)
    standard (1.26.0)
      language_server-protocol (~> 3.17.0.2)
      rubocop (~> 1.48.1)
      rubocop-performance (~> 1.16.0)
    tracking_number (0.10.5)
    unicode-display_width (2.4.2)

PLATFORMS
  ruby

DEPENDENCIES
  bump
  bundler
  byebug
  credit_card_sanitizer!
  irb
  luhnacy
  maxitest
  rake
  scrub_rb
  single_cov
  standard

BUNDLED WITH
   2.4.10
